GEM
  remote: https://rubygems.org/
  specs:
    awesome_print (1.2.0)
    rake (10.1.1)
    rbczmq (1.7.8)

PLATFORMS
  ruby

DEPENDENCIES
  awesome_print (~> 1.2.0)
  rake (~> 10.1.0)
  rbczmq

BUNDLED WITH
   1.10.1
